GEM
  remote: https://rubygems.org/
  specs:
    highline (2.0.3)
    librarian (0.1.2)
      highline
      thor (~> 0.15)
    thor (0.20.3)

PLATFORMS
  ruby

DEPENDENCIES
  librarian (>= 0.0.25)

BUNDLED WITH
   2.1.4
